PATH
  remote: .
  specs:
    NAME (0.0)
      eventmachine (~> 1.0.0.beta.4)

GEM
  remote: http://rubygems.org/
  specs:
    eventmachine (1.0.0.beta.4)
    rr (1.0.4)

PLATFORMS
  ruby

DEPENDENCIES
  NAME!
  rr (~> 1.0.4)
