GEM
  remote: http://rubygems.org/
  specs:
    eventmachine (0.12.10)
    rr (1.0.4)

PLATFORMS
  ruby

DEPENDENCIES
  eventmachine
  rr
