GEM
  remote: http://rubygems.org/
  specs:
    eventmachine (0.12.10)
    formatador (0.2.1)
    rr (1.0.4)

PLATFORMS
  ruby

DEPENDENCIES
  eventmachine
  formatador
  rr
